GIT
  remote: https://github.com/halostatue/diff-lcs.git
  revision: 84b5236f23717f0070a90b481554289975fb65d9
  specs:
    diff-lcs (1.1.3)

GIT
  remote: https://github.com/rspec/rspec-core.git
  revision: 43bd8054b6b84fde325bb2bb078a8457efa9ab5a
  specs:
    rspec-core (2.8.0.rc2)

GIT
  remote: https://github.com/rspec/rspec-expectations.git
  revision: 119e018c97d2fdf360464769b62df3842dd5f9d1
  specs:
    rspec-expectations (2.8.0.rc2)
      diff-lcs (~> 1.1.2)

GIT
  remote: https://github.com/rspec/rspec-mocks.git
  revision: 12506e1d9cbd3ea542f12b1fb94b3aaea5246a20
  specs:
    rspec-mocks (2.8.0.rc2)

GIT
  remote: https://github.com/rspec/rspec.git
  revision: 15e7abd32096deb2633c3261b9cae81d1de3aad5
  specs:
    rspec (2.8.0.rc2)
      rspec-core (= 2.8.0.rc2)
      rspec-expectations (= 2.8.0.rc2)
      rspec-mocks (= 2.8.0.rc2)

GEM
  specs:

PLATFORMS
  ruby

DEPENDENCIES
  diff-lcs!
  rspec!
  rspec-core!
  rspec-expectations!
  rspec-mocks!
